PATH
  remote: .
  specs:
    oare (0.1.11)
      activeresource (~> 3.1)

GEM
  remote: http://rubygems.org/
  specs:
    activemodel (3.1.0)
      activesupport (= 3.1.0)
      bcrypt-ruby (~> 3.0.0)
      builder (~> 3.0.0)
      i18n (~> 0.6)
    activeresource (3.1.0)
      activemodel (= 3.1.0)
      activesupport (= 3.1.0)
    activesupport (3.1.0)
      multi_json (~> 1.0)
    bcrypt-ruby (3.0.0)
    builder (3.0.0)
    i18n (0.6.0)
    multi_json (1.0.3)
    rdoc (3.9.4)

PLATFORMS
  ruby

DEPENDENCIES
  oare!
  rdoc
